GEM
  remote: https://rubygems.org/
  specs:
    breakpoint (2.4.2)
      sass (~> 3.3.0)
      sassy-maps (< 1.0.0)
    chunky_png (1.3.1)
    compass (1.0.0.alpha.21)
      chunky_png (~> 1.2)
      compass-core (~> 1.0.0.alpha.21)
      compass-import-once (~> 1.0.4)
      rb-fsevent (>= 0.9.3)
      rb-inotify (>= 0.9)
      sass (>= 3.3.0, < 3.5)
    compass-core (1.0.0.alpha.21)
      multi_json (~> 1.0)
      sass (>= 3.3.0, < 3.5)
    compass-import-once (1.0.4)
      sass (>= 3.2, < 3.5)
    ffi (1.9.3)
    modular-scale (2.0.5)
      compass (>= 0.12.0)
    multi_json (1.10.1)
    rb-fsevent (0.9.4)
    rb-inotify (0.9.5)
      ffi (>= 0.5.0)
    sass (3.3.11)
    sassy-maps (0.3.2)
      compass (~> 1.0.0.alpha.13)
      sass (~> 3.3.0.rc.2)
    susy (2.1.3)
      sass (>= 3.3.0, < 3.5)
    toolkit (2.5.2)
      sass (~> 3.3.0)

PLATFORMS
  ruby

DEPENDENCIES
  breakpoint
  compass (~> 1.0.0.alpha.21)
  modular-scale (~> 2.0.5)
  sass (~> 3.3.7)
  susy
  toolkit (~> 2.0)
